GEM
  remote: http://rubygems.org/
  specs:
    ZenTest (4.4.2)
    abstract (1.0.0)
    actionpack (3.0.4)
      activemodel (= 3.0.4)
      activesupport (= 3.0.4)
      builder (~> 2.1.2)
      erubis (~> 2.6.6)
      i18n (~> 0.4)
      rack (~> 1.2.1)
      rack-mount (~> 0.6.13)
      rack-test (~> 0.5.7)
      tzinfo (~> 0.3.23)
    activemodel (3.0.4)
      activesupport (= 3.0.4)
      builder (~> 2.1.2)
      i18n (~> 0.4)
    activesupport (3.0.4)
    archive-tar-minitar (0.5.2)
    autotest (4.4.6)
      ZenTest (>= 4.4.1)
    builder (2.1.2)
    columnize (0.3.2)
    diff-lcs (1.1.2)
    erubis (2.6.6)
      abstract (>= 1.0.0)
    excon (0.5.6)
    factory_girl (2.0.0.beta1)
    fog (0.6.0)
      builder
      excon (>= 0.5.5)
      formatador (>= 0.0.16)
      json
      mime-types
      net-ssh (>= 2.0.23)
      nokogiri (>= 1.4.4)
      ruby-hmac
    formatador (0.0.16)
    grit (2.4.1)
      diff-lcs (~> 1.1)
      mime-types (~> 1.15)
    haml (3.0.25)
    i18n (0.5.0)
    json (1.4.6)
    linecache19 (0.5.11)
      ruby_core_source (>= 0.1.4)
    mime-types (1.16)
    net-ssh (2.1.3)
    nokogiri (1.4.4)
    rack (1.2.1)
    rack-mount (0.6.13)
      rack (>= 1.0.0)
    rack-test (0.5.7)
      rack (>= 1.0)
    railties (3.0.4)
      actionpack (= 3.0.4)
      activesupport (= 3.0.4)
      rake (>= 0.8.7)
      thor (~> 0.14.4)
    rake (0.8.7)
    rdiscount (1.6.8)
    rspec (2.4.0)
      rspec-core (~> 2.4.0)
      rspec-expectations (~> 2.4.0)
      rspec-mocks (~> 2.4.0)
    rspec-core (2.4.0)
    rspec-expectations (2.4.0)
      diff-lcs (~> 1.1.2)
    rspec-mocks (2.4.0)
    rspec-rails (2.4.1)
      actionpack (~> 3.0)
      activesupport (~> 3.0)
      railties (~> 3.0)
      rspec (~> 2.4.0)
    rspec_tag_matchers (1.0.0)
      nokogiri (>= 1.4.0)
      rspec-rails (>= 1.2.6)
    ruby-debug-base19 (0.11.24)
      columnize (>= 0.3.1)
      linecache19 (>= 0.5.11)
      ruby_core_source (>= 0.1.4)
    ruby-debug19 (0.11.6)
      columnize (>= 0.3.1)
      linecache19 (>= 0.5.11)
      ruby-debug-base19 (>= 0.11.19)
    ruby-hmac (0.4.0)
    ruby_core_source (0.1.4)
      archive-tar-minitar (>= 0.5.2)
    sequel (3.21.0)
    thor (0.14.6)
    tilt (1.2.1)
    tzinfo (0.3.23)
    yajl-ruby (0.8.1)

PLATFORMS
  ruby

DEPENDENCIES
  activemodel (~> 3.0.3)
  activesupport (~> 3.0.4)
  autotest
  factory_girl (>= 2.0.0.beta1)
  fog (>= 0.6.0)
  grit (~> 2.4.1)
  haml (~> 3.0.25)
  i18n (~> 0.5.0)
  rdiscount (~> 1.6.8)
  rspec
  rspec_tag_matchers
  ruby-debug19
  sequel
  thor (~> 0.14.6)
  tilt (~> 1.2.1)
  yajl-ruby
