PATH
  remote: /Users/thom/code/amiba
  specs:
    amiba (0.0.9)
      activemodel (~> 3.0.4)
      fog (>= 0.7.0)
      grit (~> 2.4.1)
      haml (~> 3.0.25)
      i18n (~> 0.5.0)
      redcarpet
      thor (~> 0.14.6)
      tilt (~> 1.3.2)

PATH
  remote: /Users/thom/code/central-rack-auth-ldap
  specs:
    rack-auth-dscildap (0.0.1)
      net-ldap
      rack

GEM
  remote: http://rubygems.org/
  specs:
    activemodel (3.0.9)
      activesupport (= 3.0.9)
      builder (~> 2.1.2)
      i18n (~> 0.5.0)
    activesupport (3.0.9)
    builder (2.1.2)
    diff-lcs (1.1.2)
    excon (0.6.5)
    fog (0.10.0)
      builder
      excon (~> 0.6.5)
      formatador (~> 0.2.0)
      mime-types
      multi_json (~> 1.0.3)
      net-scp (~> 1.0.4)
      net-ssh (~> 2.1.4)
      nokogiri (~> 1.5.0)
      ruby-hmac
    formatador (0.2.0)
    grit (2.4.1)
      diff-lcs (~> 1.1)
      mime-types (~> 1.15)
    haml (3.0.25)
    i18n (0.5.0)
    mime-types (1.16)
    multi_json (1.0.3)
    mustache (0.99.4)
    net-ldap (0.2.2)
    net-scp (1.0.4)
      net-ssh (>= 1.99.1)
    net-ssh (2.1.4)
    nokogiri (1.5.0)
    rack (1.3.2)
    redcarpet (1.17.2)
    ruby-hmac (0.4.0)
    shotgun (0.9)
      rack (>= 1.0)
    sinatra (1.2.6)
      rack (~> 1.1)
      tilt (>= 1.2.2, < 2.0)
    thor (0.14.6)
    tilt (1.3.2)

PLATFORMS
  ruby

DEPENDENCIES
  amiba!
  mustache
  rack
  rack-auth-dscildap!
  shotgun
  sinatra
